GEM
  remote: https://rubygems.org/
  specs:
    addressable (2.3.5)
    awesome_print (1.2.0)
    bson (1.9.2)
    bson_ext (1.9.2)
      bson (~> 1.9.2)
    mongo (1.9.2)
      bson (~> 1.9.2)
    rdf (1.0.10.2)
      addressable (>= 2.3)

PLATFORMS
  ruby

DEPENDENCIES
  awesome_print
  bson_ext
  mongo
  rdf
